{
  "AcquisitionMatrixPE": 82,
  "AcquisitionNumber": 1,
  "BandwidthPerPixelPhaseEncode": 24.888,
  "BaseResolution": 82,
  "BodyPartExamined": "BRAIN",
  "CogAtlasID": "http://www.cognitiveatlas.org/task/id/TODO",
  "CoilCombinationMethod": "Sum of Squares",
  "CoilString": "Head_32",
  "ConversionSoftware": "dcm2niix",
  "ConversionSoftwareVersion": "v1.0.20220720",
  "DerivedVendorReportedEchoSpacing": 0.00049,
  "DeviceSerialNumber": "167122",
  "DwellTime": 2e-06,
  "EchoTime": 0.0304,
  "EchoTrainLength": 82,
  "EffectiveEchoSpacing": 0.00049,
  "FlipAngle": 44,
  "HeudiconvVersion": "1.0.0",
  "ImageComments": "Unaliased MB8/PE3",
  "ImageType": [
    "ORIGINAL",
    "PRIMARY",
    "FMRI",
    "NONE"
],
  "ImageTypeText": [
    "ORIGINAL",
    "PRIMARY",
    "M",
    "MB",
    "ND",
    "NORM"
],
  "ImagingFrequency": 123.247,
  "InPlanePhaseEncodingDirectionDICOM": "COL",
  "InstitutionAddress": "Eagle Row 36,Atlanta,GA,US,30322",
  "InstitutionName": "Emory University",
  "MRAcquisitionType": "2D",
  "MTState": false,
  "MagneticFieldStrength": 3,
  "Manufacturer": "Siemens",
  "ManufacturersModelName": "MAGNETOM Prisma Fit",
  "MatrixCoilMode": "SENSE",
  "Modality": "MR",
  "MultibandAccelerationFactor": 8,
  "NonlinearGradientCorrection": false,
  "PartialFourier": 1,
  "PatientPosition": "HFS",
  "PercentPhaseFOV": 100,
  "PercentSampling": 100,
  "PhaseEncodingDirection": "j",
  "PhaseResolution": 1,
  "PixelBandwidth": 3049,
  "PulseSequenceDetails": "%CustomerSeq%\\cmrr_mbep2d_bold",
  "PulseSequenceName": "epfid2d1_82",
  "ReceiveCoilActiveElements": "HEA;HEP",
  "ReceiveCoilName": "Head_32",
  "ReconMatrixPE": 82,
  "RepetitionTime": 0.492,
  "ScanOptions": "FS",
  "ScanningSequence": "EP",
  "SequenceVariant": "SK\\SS",
  "SliceThickness": 2.7,
  "SoftwareVersions": "syngo MR XA30",
  "SpacingBetweenSlices": 2.7,
  "StationName": "AWP167122",
  "TaskName": "TODO: full task name for controlled",
  "TotalReadoutTime": 0.03969}