{
  "AcquisitionDuration": 29.07,
  "AcquisitionMatrixPE": 82,
  "AcquisitionNumber": 1,
  "AcquisitionTime": "16:40:8.582500",
  "BandwidthPerPixelPhaseEncode": 24.888,
  "BaseResolution": 82,
  "BodyPartExamined": "BRAIN",
  "CoilCombinationMethod": "Sum of Squares",
  "CoilString": "Head_32",
  "ConversionSoftware": "dcm2niix",
  "ConversionSoftwareVersion": "v1.0.20220720",
  "DerivedVendorReportedEchoSpacing": 0.00049,
  "DeviceSerialNumber": "167122",
  "DwellTime": 2e-06,
  "EchoTime": 0.073,
  "EchoTrainLength": 82,
  "EffectiveEchoSpacing": 0.00049,
  "FlipAngle": 90,
  "HeudiconvVersion": "1.0.0",
  "ImageOrientationPatientDICOM": [1, 0, 0, 0, 1, 0],
  "ImageType": [
    "ORIGINAL",
    "PRIMARY",
    "FMRI",
    "NONE"
],
  "ImageTypeText": [
    "ORIGINAL",
    "PRIMARY",
    "M",
    "ND",
    "NORM"
],
  "ImagingFrequency": 123.247,
  "InPlanePhaseEncodingDirectionDICOM": "COL",
  "InstitutionAddress": "Eagle Row 36,Atlanta,GA,US,30322",
  "InstitutionName": "Emory University",
  "IntendedFor": [
    "func/sub-0045_task-controlled_run-01_bold.nii.gz",
    "func/sub-0045_task-controlled_run-02_bold.nii.gz",
    "func/sub-0045_task-controlled_run-03_bold.nii.gz",
    "func/sub-0045_task-controlled_run-04_bold.nii.gz",
    "func/sub-0045_task-controlled_run-05_bold.nii.gz",
    "func/sub-0045_task-naturalistic_run-01_bold.nii.gz",
    "func/sub-0045_task-naturalistic_run-02_bold.nii.gz",
    "func/sub-0045_task-naturalistic_run-03_bold.nii.gz"
],
  "MRAcquisitionType": "2D",
  "MTState": false,
  "MagneticFieldStrength": 3,
  "Manufacturer": "Siemens",
  "ManufacturersModelName": "MAGNETOM Prisma Fit",
  "MatrixCoilMode": "SENSE",
  "Modality": "MR",
  "NonlinearGradientCorrection": false,
  "PartialFourier": 1,
  "PatientPosition": "HFS",
  "PercentPhaseFOV": 100,
  "PercentSampling": 100,
  "PhaseEncodingDirection": "j-",
  "PhaseResolution": 1,
  "PixelBandwidth": 3049,
  "ProcedureStepDescription": "FERN - KRAGEL SPLAT",
  "ProtocolName": "cmrr_mbep2d_se_AP",
  "PulseSequenceDetails": "%CustomerSeq%\\cmrr_mbep2d_se",
  "PulseSequenceName": "epse2d1_82",
  "ReceiveCoilActiveElements": "HEA;HEP",
  "ReceiveCoilName": "Head_32",
  "ReconMatrixPE": 82,
  "RepetitionTime": 7.22,
  "ScanOptions": "FS",
  "ScanningSequence": "EP",
  "SequenceVariant": "SK",
  "SeriesDescription": "cmrr_mbep2d_se_AP",
  "SeriesNumber": 4,
  "ShimSetting": [1166, -275, 2129, 251, -42, -118, 57, -14],
  "SliceThickness": 2.7,
  "SliceTiming": [3.6, 0, 3.73, 0.13, 3.8575, 0.2575, 3.9875, 0.3875, 4.115, 0.515, 4.2425, 0.6425, 4.3725, 0.7725, 4.5, 0.9, 4.63, 1.03, 4.7575, 1.1575, 4.8875, 1.2875, 5.015, 1.415, 5.1425, 1.5425, 5.2725, 1.6725, 5.4, 1.8, 5.53, 1.93, 5.6575, 2.0575, 5.7875, 2.1875, 5.915, 2.315, 6.0425, 2.4425, 6.1725, 2.5725, 6.3, 2.7, 6.43, 2.83, 6.5575, 2.9575, 6.6875, 3.0875, 6.815, 3.215, 6.9425, 3.3425, 7.0725, 3.4725],
  "SoftwareVersions": "syngo MR XA30",
  "SpacingBetweenSlices": 2.7,
  "StationName": "AWP167122",
  "TotalReadoutTime": 0.03969,
  "TxRefAmp": 293.526,
  "WipMemBlock": "099b1829-cd86-458f-ac56-c787dea05cd4||Sequence: R017 nxva30a/master r/e4e260217; Mar 27 2023 20:12:45 by eja"
}