{
  "AcquisitionDuration": 263.725,
  "AcquisitionMatrixPE": 256,
  "AcquisitionNumber": 1,
  "AcquisitionTime": "10:06:37.377500",
  "BaseResolution": 256,
  "BodyPartExamined": "BRAIN",
  "CoilCombinationMethod": "Adaptive Combine",
  "CoilString": "Head_32",
  "ConversionSoftware": "dcm2niix",
  "ConversionSoftwareVersion": "v1.0.20220720",
  "DeviceSerialNumber": "167122",
  "DwellTime": 9.8e-06,
  "EchoTime": 0.00226,
  "FlipAngle": 9,
  "HeudiconvVersion": "1.0.0",
  "ImageOrientationPatientDICOM": [0, 1, 0, 0, 0, -1],
  "ImageType": [
    "ORIGINAL",
    "PRIMARY",
    "M",
    "NONE"
],
  "ImageTypeText": [
    "ORIGINAL",
    "PRIMARY",
    "M",
    "NORM",
    "DIS2D"
],
  "ImagingFrequency": 123.247,
  "InPlanePhaseEncodingDirectionDICOM": "ROW",
  "InstitutionAddress": "Eagle Row 36,Atlanta,GA,US,30322",
  "InstitutionName": "Emory University",
  "InversionTime": 0.9,
  "MRAcquisitionType": "3D",
  "MTState": false,
  "MagneticFieldStrength": 3,
  "Manufacturer": "Siemens",
  "ManufacturersModelName": "MAGNETOM Prisma Fit",
  "MatrixCoilMode": "GRAPPA",
  "Modality": "MR",
  "NonlinearGradientCorrection": true,
  "ParallelAcquisitionTechnique": "GRAPPA",
  "ParallelReductionFactorInPlane": 2,
  "PartialFourier": 1,
  "PatientPosition": "HFS",
  "PercentPhaseFOV": 100,
  "PercentSampling": 100,
  "PhaseResolution": 1,
  "PixelBandwidth": 199,
  "ProcedureStepDescription": "FERN - KRAGEL SPLAT",
  "ProtocolName": "t1_mpr_sag_p2_1x1x1",
  "PulseSequenceDetails": "%SiemensSeq%\\tfl",
  "PulseSequenceName": "*tfl3d1_16ns",
  "ReceiveCoilActiveElements": "HEA;HEP",
  "ReceiveCoilName": "Head_32",
  "ReconMatrixPE": 256,
  "RefLinesPE": 24,
  "RepetitionTime": 1.9,
  "ScanOptions": "IR",
  "ScanningSequence": "GR\\IR",
  "SequenceVariant": "SK\\SP\\MP",
  "SeriesDescription": "t1_mpr_sag_p2_1x1x1",
  "SeriesNumber": 3,
  "ShimSetting": [1156, -274, 1889, 34, 13, 32, -20, -25],
  "SliceThickness": 1,
  "SoftwareVersions": "syngo MR XA30",
  "StationName": "AWP167122",
  "TxRefAmp": 254.273}