{
  "AcquisitionDuration": 29.072,
  "AcquisitionMatrixPE": 82,
  "AcquisitionNumber": 1,
  "AcquisitionTime": "13:02:41.465000",
  "BandwidthPerPixelPhaseEncode": 24.888,
  "BaseResolution": 82,
  "BodyPartExamined": "BRAIN",
  "CoilCombinationMethod": "Sum of Squares",
  "CoilString": "Head_32",
  "ConversionSoftware": "dcm2niix",
  "ConversionSoftwareVersion": "v1.0.20220720",
  "DerivedVendorReportedEchoSpacing": 0.00049,
  "DeviceSerialNumber": "167122",
  "DwellTime": 2e-06,
  "EchoTime": 0.073,
  "EchoTrainLength": 82,
  "EffectiveEchoSpacing": 0.00049,
  "FlipAngle": 90,
  "HeudiconvVersion": "1.0.0",
  "ImageOrientationPatientDICOM": [1, 0, 0, 0, 1, 0],
  "ImageType": [
    "ORIGINAL",
    "PRIMARY",
    "FMRI",
    "NONE"
],
  "ImageTypeText": [
    "ORIGINAL",
    "PRIMARY",
    "M",
    "ND",
    "NORM"
],
  "ImagingFrequency": 123.247,
  "InPlanePhaseEncodingDirectionDICOM": "COL",
  "InstitutionAddress": "Eagle Row 36,Atlanta,GA,US,30322",
  "InstitutionName": "Emory University",
  "IntendedFor": [
    "func/sub-0031_task-controlled_run-01_bold.nii.gz",
    "func/sub-0031_task-controlled_run-02_bold.nii.gz",
    "func/sub-0031_task-controlled_run-03_bold.nii.gz",
    "func/sub-0031_task-controlled_run-04_bold.nii.gz",
    "func/sub-0031_task-controlled_run-05_bold.nii.gz",
    "func/sub-0031_task-naturalistic_run-01_bold.nii.gz",
    "func/sub-0031_task-naturalistic_run-02_bold.nii.gz",
    "func/sub-0031_task-naturalistic_run-03_bold.nii.gz"
],
  "MRAcquisitionType": "2D",
  "MTState": false,
  "MagneticFieldStrength": 3,
  "Manufacturer": "Siemens",
  "ManufacturersModelName": "MAGNETOM Prisma Fit",
  "MatrixCoilMode": "SENSE",
  "Modality": "MR",
  "NonlinearGradientCorrection": false,
  "PartialFourier": 1,
  "PatientPosition": "HFS",
  "PercentPhaseFOV": 100,
  "PercentSampling": 100,
  "PhaseEncodingDirection": "j",
  "PhaseResolution": 1,
  "PixelBandwidth": 3049,
  "ProcedureStepDescription": "FERN - KRAGEL SPLAT",
  "ProtocolName": "cmrr_mbep2d_se_PA",
  "PulseSequenceDetails": "%CustomerSeq%\\cmrr_mbep2d_se",
  "PulseSequenceName": "epse2d1_82",
  "ReceiveCoilActiveElements": "HEA;HEP",
  "ReceiveCoilName": "Head_32",
  "ReconMatrixPE": 82,
  "RepetitionTime": 7.22,
  "ScanOptions": "FS",
  "ScanningSequence": "EP",
  "SequenceVariant": "SK",
  "SeriesDescription": "cmrr_mbep2d_se_PA",
  "SeriesNumber": 3,
  "ShimSetting": [1151, -256, 2092, 482, 23, 373, 53, -13],
  "SliceThickness": 2.7,
  "SliceTiming": [3.6, 0, 3.7275, 0.1275, 3.8575, 0.2575, 3.985, 0.385, 4.1125, 0.5125, 4.2425, 0.6425, 4.37, 0.77, 4.5, 0.9, 4.6275, 1.0275, 4.7575, 1.1575, 4.885, 1.285, 5.0125, 1.4125, 5.1425, 1.5425, 5.27, 1.67, 5.4, 1.8, 5.5275, 1.9275, 5.6575, 2.0575, 5.785, 2.185, 5.9125, 2.3125, 6.0425, 2.4425, 6.17, 2.57, 6.3, 2.7, 6.4275, 2.8275, 6.5575, 2.9575, 6.685, 3.085, 6.8125, 3.2125, 6.9425, 3.3425, 7.07, 3.47],
  "SoftwareVersions": "syngo MR XA30",
  "SpacingBetweenSlices": 2.7,
  "StationName": "AWP167122",
  "TotalReadoutTime": 0.03969,
  "TxRefAmp": 241.573,
  "WipMemBlock": "6da555fd-625d-4d88-8dea-568907d17416||Sequence: R017 nxva30a/master r/e4e260217; Mar 27 2023 20:12:45 by eja"
}