{
  "AcquisitionDuration": 508.405,
  "AcquisitionMatrixPE": 82,
  "AcquisitionNumber": 1,
  "AcquisitionTime": "16:52:23.212500",
  "BandwidthPerPixelPhaseEncode": 24.888,
  "BaseResolution": 82,
  "BodyPartExamined": "BRAIN",
  "CoilCombinationMethod": "Sum of Squares",
  "CoilString": "Head_32",
  "ConversionSoftware": "dcm2niix",
  "ConversionSoftwareVersion": "v1.0.20220720",
  "DerivedVendorReportedEchoSpacing": 0.00049,
  "DeviceSerialNumber": "167122",
  "DwellTime": 2e-06,
  "EchoTime": 0.0304,
  "EchoTrainLength": 82,
  "EffectiveEchoSpacing": 0.00049,
  "FlipAngle": 44,
  "HeudiconvVersion": "1.0.0",
  "ImageComments": "Unaliased MB8/PE3",
  "ImageOrientationPatientDICOM": [1, 0, 0, 0, 1, 0],
  "ImageType": [
    "ORIGINAL",
    "PRIMARY",
    "FMRI",
    "NONE"
],
  "ImageTypeText": [
    "ORIGINAL",
    "PRIMARY",
    "M",
    "MB",
    "ND",
    "NORM"
],
  "ImagingFrequency": 123.247,
  "InPlanePhaseEncodingDirectionDICOM": "COL",
  "InstitutionAddress": "Eagle Row 36,Atlanta,GA,US,30322",
  "InstitutionName": "Emory University",
  "MRAcquisitionType": "2D",
  "MTState": false,
  "MagneticFieldStrength": 3,
  "Manufacturer": "Siemens",
  "ManufacturersModelName": "MAGNETOM Prisma Fit",
  "MatrixCoilMode": "SENSE",
  "Modality": "MR",
  "MultibandAccelerationFactor": 8,
  "NonlinearGradientCorrection": false,
  "PartialFourier": 1,
  "PatientPosition": "HFS",
  "PercentPhaseFOV": 100,
  "PercentSampling": 100,
  "PhaseEncodingDirection": "j",
  "PhaseResolution": 1,
  "PixelBandwidth": 3049,
  "ProcedureStepDescription": "FERN - KRAGEL SPLAT",
  "ProtocolName": "ep2d_MB8_2.7mm_controlled5",
  "PulseSequenceDetails": "%CustomerSeq%\\cmrr_mbep2d_bold",
  "PulseSequenceName": "epfid2d1_82",
  "ReceiveCoilActiveElements": "HEA;HEP",
  "ReceiveCoilName": "Head_32",
  "ReconMatrixPE": 82,
  "RepetitionTime": 0.492,
  "ScanOptions": "FS",
  "ScanningSequence": "EP",
  "SequenceVariant": "SK\\SS",
  "SeriesDescription": "ep2d_MB8_2.7mm_controlled5",
  "SeriesNumber": 14,
  "ShimSetting": [1158, -302, 2125, 445, -34, 24, -99, -78],
  "SliceThickness": 2.7,
  "SliceTiming": [0, 0.27, 0.0675, 0.3375, 0.135, 0.405, 0.2025, 0, 0.27, 0.0675, 0.3375, 0.135, 0.405, 0.2025, 0, 0.27, 0.0675, 0.3375, 0.135, 0.405, 0.2025, 0, 0.27, 0.0675, 0.3375, 0.135, 0.405, 0.2025, 0, 0.27, 0.0675, 0.3375, 0.135, 0.405, 0.2025, 0, 0.27, 0.0675, 0.3375, 0.135, 0.405, 0.2025, 0, 0.27, 0.0675, 0.3375, 0.135, 0.405, 0.2025, 0, 0.27, 0.0675, 0.3375, 0.135, 0.405, 0.2025],
  "SoftwareVersions": "syngo MR XA30",
  "SpacingBetweenSlices": 2.7,
  "StationName": "AWP167122",
  "TaskName": "controlled",
  "TotalReadoutTime": 0.03969,
  "TxRefAmp": 247.645,
  "WipMemBlock": "50d442b5-b0e7-4f59-9297-51ef97d969c0||Sequence: R017 nxva30a/master r/e4e260217; Mar 27 2023 19:45:08 by eja"
}